GEM
  remote: https://rubygems.org/
  specs:
    foreman (0.87.2)

PLATFORMS
  x86_64-linux

DEPENDENCIES
  foreman (~> 0.87.2)

BUNDLED WITH
   2.3.20
